GEM
  remote: https://rubygems.org/
  specs:
    autoforme (1.0.1)
      forme (>= 0.9.2)
      rack
      sequel (>= 3.0.0)
    bcrypt-ruby (3.0.1)
    erubis (2.7.0)
    forme (1.0.0)
    kgio (2.8.1)
    pg (0.17.1)
    rack (1.5.2)
    rack-protection (1.5.3)
      rack
    rack_csrf (2.4.0)
      rack (>= 0.9)
    raindrops (0.10.0)
    roda (1.0.0)
      rack
    sequel (4.13.0)
    sequel_pg (1.6.10)
      pg (>= 0.8.0)
      sequel (>= 3.39.0)
    subset_sum (1.0.1)
    tilt (2.0.1)
    unicorn (4.8.0)
      kgio (~> 2.6)
      rack
      raindrops (~> 0.7)

PLATFORMS
  ruby

DEPENDENCIES
  autoforme (>= 1.0.1)
  bcrypt-ruby
  erubis
  pg
  rack-protection
  rack_csrf
  roda (>= 1.0.0)
  sequel
  sequel_pg
  subset_sum
  tilt
  unicorn
