GEM
  remote: https://rubygems.org/
  specs:
    autoforme (1.0.2)
      forme (>= 0.9.2)
      rack
      sequel (>= 3.0.0)
    bcrypt-ruby (3.0.1)
    capybara (2.4.4)
      mime-types (>= 1.16)
      nokogiri (>= 1.3.3)
      rack (>= 1.0.0)
      rack-test (>= 0.5.4)
    diff-lcs (1.2.4)
    erubis (2.7.0)
    forme (1.2.0)
    kgio (2.9.2)
    mime-types (2.4.3)
    nokogiri (1.6.3.1)
    pg (0.18.0)
    rack (1.6.0)
    rack-test (0.6.2)
      rack (>= 1.0)
    rack_csrf (2.5.0)
      rack (>= 1.1.0)
    raindrops (0.10.0)
    roda (2.1.0)
      rack
    rspec (3.1.0)
      rspec-core (~> 3.1.0)
      rspec-expectations (~> 3.1.0)
      rspec-mocks (~> 3.1.0)
    rspec-core (3.1.7)
      rspec-support (~> 3.1.0)
    rspec-expectations (3.1.2)
      diff-lcs (>= 1.2.0, < 2.0)
      rspec-support (~> 3.1.0)
    rspec-mocks (3.1.3)
      rspec-support (~> 3.1.0)
    rspec-support (3.1.2)
    sass (3.4.9)
    sequel (4.20.0)
    sequel_pg (1.6.11)
      pg (>= 0.8.0)
      sequel (>= 3.39.0)
    subset_sum (1.0.1)
    tilt (2.0.1)
    unicorn (4.8.0)
      kgio (~> 2.6)
      rack
      raindrops (~> 0.7)

PLATFORMS
  ruby

DEPENDENCIES
  autoforme (>= 1.0.1)
  bcrypt-ruby
  capybara (>= 2)
  erubis
  pg
  rack_csrf
  roda (>= 1.2.0)
  rspec (>= 1.3)
  sass
  sequel
  sequel_pg
  subset_sum
  tilt
  unicorn
