GEM
  remote: https://rubygems.org/
  specs:
    autoforme (1.0.2)
      forme (>= 0.9.2)
      rack
      sequel (>= 3.0.0)
    bcrypt-ruby (3.0.1)
    erubis (2.7.0)
    forme (1.2.0)
    kgio (2.9.2)
    pg (0.18.0)
    rack (1.6.0)
    rack_csrf (2.5.0)
      rack (>= 1.1.0)
    raindrops (0.10.0)
    roda (2.1.0)
      rack
    sass (3.4.9)
    sequel (4.20.0)
    sequel_pg (1.6.11)
      pg (>= 0.8.0)
      sequel (>= 3.39.0)
    subset_sum (1.0.1)
    tilt (2.0.1)
    unicorn (4.8.0)
      kgio (~> 2.6)
      rack
      raindrops (~> 0.7)

PLATFORMS
  ruby

DEPENDENCIES
  autoforme (>= 1.0.1)
  bcrypt-ruby
  erubis
  pg
  rack_csrf
  roda (>= 1.2.0)
  sass
  sequel
  sequel_pg
  subset_sum
  tilt
  unicorn
